PATH
  remote: .
  specs:
    command_exec (0.1.0)
      POpen4
      colored

GEM
  remote: http://rubygems.org/
  specs:
    POpen4 (0.1.4)
      Platform (>= 0.4.0)
      open4
    Platform (0.4.0)
    aruba (0.4.11)
      childprocess (>= 0.2.3)
      cucumber (>= 1.1.1)
      ffi (>= 1.0.11)
      rspec (>= 2.7.0)
    builder (3.0.0)
    childprocess (0.3.4)
      ffi (~> 1.0, >= 1.0.6)
    colored (1.2)
    cucumber (1.2.1)
      builder (>= 2.1.2)
      diff-lcs (>= 1.1.3)
      gherkin (~> 2.11.0)
      json (>= 1.4.6)
    diff-lcs (1.1.3)
    ffi (1.1.0)
    fuubar (1.0.0)
      rspec (~> 2.0)
      rspec-instafail (~> 0.2.0)
      ruby-progressbar (~> 0.0.10)
    gherkin (2.11.1)
      json (>= 1.4.6)
    github-markup (0.7.1)
    json (1.7.3)
    multi_json (1.1.0)
    open4 (1.3.0)
    rake (0.9.2.2)
    redcarpet (1.17.2)
    rspec (2.9.0)
      rspec-core (~> 2.9.0)
      rspec-expectations (~> 2.9.0)
      rspec-mocks (~> 2.9.0)
    rspec-core (2.9.0)
    rspec-expectations (2.9.0)
      diff-lcs (~> 1.1.3)
    rspec-instafail (0.2.2)
    rspec-mocks (2.9.0)
    ruby-progressbar (0.0.10)
    simplecov (0.6.1)
      multi_json (~> 1.0)
      simplecov-html (~> 0.5.3)
    simplecov-html (0.5.3)
    thor (0.15.4)
    tmrb (1.2.7)
      thor
    yard (0.7.5)

PLATFORMS
  ruby

DEPENDENCIES
  aruba
  command_exec!
  fuubar
  github-markup
  rake
  redcarpet
  rspec
  simplecov
  tmrb
  yard
