PATH
  remote: .
  specs:
    command_exec (0.0.1)
      POpen4
      colored

GEM
  remote: https://rubygems.org/
  specs:
    POpen4 (0.1.4)
      Platform (>= 0.4.0)
      open4
    Platform (0.4.0)
    builder (3.0.0)
    coderay (1.0.5)
    colored (1.2)
    cucumber (1.1.9)
      builder (>= 2.1.2)
      diff-lcs (>= 1.1.2)
      gherkin (~> 2.9.0)
      json (>= 1.4.6)
      term-ansicolor (>= 1.0.6)
    diff-lcs (1.1.3)
    fakefs (0.4.0)
    ffi (1.0.11)
    fuubar (1.0.0)
      rspec (~> 2.0)
      rspec-instafail (~> 0.2.0)
      ruby-progressbar (~> 0.0.10)
    gherkin (2.9.1)
      json (>= 1.4.6)
    github-markup (0.7.1)
    guard (1.0.1)
      ffi (>= 0.5.0)
      thor (~> 0.14.6)
    guard-cucumber (0.7.5)
      cucumber (>= 0.10)
      guard (>= 0.8.3)
    guard-rspec (0.6.0)
      guard (>= 0.10.0)
    guard-yard (1.0.2)
      guard (>= 0.2.2)
      yard (>= 0.7.0)
    highline (1.6.11)
    json (1.6.5)
    libnotify (0.7.2)
    method_source (0.7.1)
    multi_json (1.1.0)
    open4 (1.3.0)
    pry (0.9.8.4)
      coderay (~> 1.0.5)
      method_source (~> 0.7.1)
      slop (>= 2.4.4, < 3)
    rb-inotify (0.8.8)
      ffi (>= 0.5.0)
    rb-readline (0.4.2)
    redcarpet (1.17.2)
    rspec (2.9.0)
      rspec-core (~> 2.9.0)
      rspec-expectations (~> 2.9.0)
      rspec-mocks (~> 2.9.0)
    rspec-core (2.9.0)
    rspec-expectations (2.9.0)
      diff-lcs (~> 1.1.3)
    rspec-instafail (0.2.2)
    rspec-mocks (2.9.0)
    ruby-progressbar (0.0.10)
    simplecov (0.6.1)
      multi_json (~> 1.0)
      simplecov-html (~> 0.5.3)
    simplecov-html (0.5.3)
    slop (2.4.4)
    term-ansicolor (1.0.7)
    terminal_multiplexer (1.0.2)
      highline
    thor (0.14.6)
    yard (0.7.5)

PLATFORMS
  ruby

DEPENDENCIES
  command_exec!
  cucumber
  fakefs
  fuubar
  github-markup
  guard
  guard-cucumber
  guard-rspec
  guard-yard
  libnotify
  pry
  rb-inotify
  rb-readline
  redcarpet (~> 1.17.2)
  rspec
  simplecov
  terminal_multiplexer
  yard
