PATH
  remote: .
  specs:
    command_exec (0.2.1)
      activesupport
      fedux_org-stdlib
      smart_colored
      the_array_comparator (>= 0.5.0)
      xml-simple

GEM
  remote: https://rubygems.org/
  specs:
    activesupport (4.0.2)
      i18n (~> 0.6, >= 0.6.4)
      minitest (~> 4.2)
      multi_json (~> 1.3)
      thread_safe (~> 0.1)
      tzinfo (~> 0.3.37)
    aruba (0.5.3)
      childprocess (>= 0.3.6)
      cucumber (>= 1.1.1)
      rspec-expectations (>= 2.7.0)
    atomic (1.1.14)
    awesome_print (1.2.0)
    builder (3.2.2)
    childprocess (0.3.9)
      ffi (~> 1.0, >= 1.0.11)
    coderay (1.1.0)
    columnize (0.3.6)
    cucumber (1.3.10)
      builder (>= 2.1.2)
      diff-lcs (>= 1.1.3)
      gherkin (~> 2.12)
      multi_json (>= 1.7.5, < 2.0)
      multi_test (>= 0.0.2)
    debugger (1.6.3)
      columnize (>= 0.3.1)
      debugger-linecache (~> 1.2.0)
      debugger-ruby_core_source (~> 1.2.4)
    debugger-linecache (1.2.0)
    debugger-ruby_core_source (1.2.4)
    diff-lcs (1.2.5)
    docile (1.1.1)
    erubis (2.7.0)
    fedux_org-stdlib (0.3.0)
      activesupport
    ffi (1.9.3)
    fuubar (1.2.1)
      rspec (~> 2.0)
      rspec-instafail (~> 0.2.0)
      ruby-progressbar (~> 1.0)
    gherkin (2.12.2)
      multi_json (~> 1.3)
    github-markup (1.0.0)
    hashr (0.0.22)
    i18n (0.6.9)
    method_source (0.8.2)
    minitest (4.7.5)
    multi_json (1.8.2)
    multi_test (0.0.2)
    pry (0.9.12.4)
      coderay (~> 1.0)
      method_source (~> 0.8)
      slop (~> 3.4)
    pry-doc (0.4.6)
      pry (>= 0.9)
      yard (>= 0.8)
    rake (10.1.0)
    redcarpet (3.0.0)
    rspec (2.14.1)
      rspec-core (~> 2.14.0)
      rspec-expectations (~> 2.14.0)
      rspec-mocks (~> 2.14.0)
    rspec-core (2.14.7)
    rspec-expectations (2.14.4)
      diff-lcs (>= 1.1.3, < 2.0)
    rspec-instafail (0.2.4)
    rspec-mocks (2.14.4)
    ruby-progressbar (1.2.0)
    simplecov (0.8.2)
      docile (~> 1.1.0)
      multi_json
      simplecov-html (~> 0.8.0)
    simplecov-html (0.8.0)
    slop (3.4.7)
    smart_colored (1.1.1)
    the_array_comparator (0.5.0)
      activesupport
    thor (0.18.1)
    thread_safe (0.1.3)
      atomic
    tmrb (1.2.7)
      thor
    travis-lint (1.7.0)
      hashr (~> 0.0.22)
    tzinfo (0.3.38)
    xml-simple (1.1.2)
    yard (0.8.7.3)

PLATFORMS
  ruby

DEPENDENCIES
  aruba
  awesome_print
  command_exec!
  debugger
  erubis
  fuubar
  github-markup
  pry
  pry-doc
  rake
  redcarpet
  rspec
  simplecov
  tmrb
  travis-lint
  yard
